GEM
  remote: https://rubygems.org/
  specs:
    CFPropertyList (2.2.8)
    celluloid (0.16.0)
      timers (~> 4.0.0)
    coderay (1.1.0)
    diff-lcs (1.2.5)
    facter (2.3.0)
      CFPropertyList (~> 2.2.6)
    ffi (1.9.6)
    formatador (0.2.5)
    growl (1.0.3)
    guard (2.10.5)
      formatador (>= 0.2.4)
      listen (~> 2.7)
      lumberjack (~> 1.0)
      nenv (~> 0.1)
      pry (>= 0.9.12)
      thor (>= 0.18.1)
    guard-compat (1.2.0)
    guard-rake (1.0.0)
      guard
      rake
    guard-rspec (4.5.0)
      guard (~> 2.1)
      guard-compat (~> 1.1)
      rspec (>= 2.99.0, < 4.0)
    hiera (1.3.4)
      json_pure
    hitimes (1.2.2)
    json_pure (1.8.1)
    libnotify (0.9.0)
      ffi (>= 1.0.11)
    listen (2.8.4)
      celluloid (>= 0.15.2)
      rb-fsevent (>= 0.9.3)
      rb-inotify (>= 0.9)
    lumberjack (1.0.9)
    metaclass (0.0.4)
    method_source (0.8.2)
    mime-types (2.4.3)
    mocha (1.1.0)
      metaclass (~> 0.0.1)
    nenv (0.1.1)
    netrc (0.10.2)
    pry (0.10.1)
      coderay (~> 1.1.0)
      method_source (~> 0.8.1)
      slop (~> 3.4)
    puppet (3.7.3)
      facter (> 1.6, < 3)
      hiera (~> 1.0)
      json_pure
    puppet-blacksmith (3.1.1)
      puppet (>= 2.7.16)
      rest-client
    puppet-lint (1.1.0)
    puppet-syntax (1.4.0)
      rake
    puppetlabs_spec_helper (0.8.2)
      mocha
      puppet-lint
      puppet-syntax
      rake
      rspec
      rspec-puppet
    rake (10.4.2)
    rb-fchange (0.0.6)
      ffi
    rb-fsevent (0.9.4)
    rb-inotify (0.9.5)
      ffi (>= 0.5.0)
    rest-client (1.7.2)
      mime-types (>= 1.16, < 3.0)
      netrc (~> 0.7)
    rspec (2.99.0)
      rspec-core (~> 2.99.0)
      rspec-expectations (~> 2.99.0)
      rspec-mocks (~> 2.99.0)
    rspec-core (2.99.2)
    rspec-expectations (2.99.2)
      diff-lcs (>= 1.1.3, < 2.0)
    rspec-mocks (2.99.2)
    rspec-puppet (1.0.1)
      rspec
    slop (3.6.0)
    thor (0.19.1)
    timers (4.0.1)
      hitimes

PLATFORMS
  ruby

DEPENDENCIES
  growl
  guard
  guard-rake
  guard-rspec
  libnotify
  puppet (>= 2.7)
  puppet-blacksmith
  puppet-lint
  puppetlabs_spec_helper
  rake (>= 0.9.2.2)
  rb-fchange
  rb-fsevent
  rb-inotify
  rspec (< 3.0.0)
  rspec-puppet
